PATH
  remote: .
  specs:
    rfuse (1.2.0.pre)

GEM
  remote: http://rubygems.org/
  specs:
    diff-lcs (1.4.4)
    ffi (1.13.1)
    ffi-xattr (0.1.2)
      ffi
    rake (13.0.1)
    rake-compiler (1.1.1)
      rake
    redcarpet (3.5.0)
    rspec (3.9.0)
      rspec-core (~> 3.9.0)
      rspec-expectations (~> 3.9.0)
      rspec-mocks (~> 3.9.0)
    rspec-core (3.9.2)
      rspec-support (~> 3.9.3)
    rspec-expectations (3.9.2)
      diff-lcs (>= 1.2.0, < 2.0)
      rspec-support (~> 3.9.0)
    rspec-mocks (3.9.1)
      diff-lcs (>= 1.2.0, < 2.0)
      rspec-support (~> 3.9.0)
    rspec-support (3.9.3)
    sys-filesystem (1.3.4)
      ffi
    travis-release (0.0.4)
      bundler
      rake
    yard (0.9.25)

PLATFORMS
  ruby

DEPENDENCIES
  ffi-xattr
  rake
  rake-compiler
  redcarpet
  rfuse!
  rspec
  sys-filesystem
  travis-release
  yard

BUNDLED WITH
   2.1.4
